GEM
  remote: https://rubygems.org/
  specs:
    bmi (0.2.0)

PLATFORMS
  ruby

DEPENDENCIES
  bmi

BUNDLED WITH
   1.16.4
